GEM
  remote: https://rubygems.org/
  specs:
    coderay (1.1.1)
    digest (0.0.1)
    method_source (0.9.0)
    pry (0.11.2)
      coderay (~> 1.1.0)
      method_source (~> 0.9.0)

PLATFORMS
  ruby

DEPENDENCIES
  digest
  pry

BUNDLED WITH
   1.14.6
